PATH
  remote: .
  specs:
    seofy (0.0.1)
      activerecord (~> 3.0.0)
      activesupport (~> 3.0.0)
      babosa (~> 0.3.0)

GEM
  remote: http://rubygems.org/
  specs:
    activemodel (3.0.7)
      activesupport (= 3.0.7)
      builder (~> 2.1.2)
      i18n (~> 0.5.0)
    activerecord (3.0.7)
      activemodel (= 3.0.7)
      activesupport (= 3.0.7)
      arel (~> 2.0.2)
      tzinfo (~> 0.3.23)
    activesupport (3.0.7)
    arel (2.0.10)
    babosa (0.3.4)
    builder (2.1.2)
    diff-lcs (1.1.2)
    growl (1.0.3)
    guard (0.3.4)
      thor (~> 0.14.6)
    i18n (0.5.0)
    rspec (2.5.0)
      rspec-core (~> 2.5.0)
      rspec-expectations (~> 2.5.0)
      rspec-mocks (~> 2.5.0)
    rspec-core (2.5.2)
    rspec-expectations (2.5.0)
      diff-lcs (~> 1.1.2)
    rspec-mocks (2.5.0)
    sqlite3 (1.3.3)
    thor (0.14.6)
    tzinfo (0.3.27)

PLATFORMS
  ruby

DEPENDENCIES
  growl
  guard
  rspec (~> 2.5.0)
  seofy!
  sqlite3
